GEM
  remote: https://rubygems.org/
  specs:
    activesupport (4.0.3)
      i18n (~> 0.6, >= 0.6.4)
      minitest (~> 4.2)
      multi_json (~> 1.3)
      thread_safe (~> 0.1)
      tzinfo (~> 0.3.37)
    adhearsion (2.5.0)
      activesupport (>= 3.0.0, < 5.0.0)
      adhearsion-loquacious (~> 1.9)
      bundler (~> 1.0)
      celluloid (~> 0.14)
      countdownlatch
      deep_merge
      ffi (~> 1.0)
      girl_friday
      has-guarded-handlers (~> 1.6)
      logging (~> 1.8)
      pry
      punchblock (~> 2.3)
      rake
      ruby_speech (~> 2.0)
      thor (~> 0.18.0)
    adhearsion-asr (1.2.0)
      adhearsion (~> 2.4)
      punchblock (~> 2.0)
      ruby_speech (~> 2.1)
    adhearsion-asterisk (1.5.1)
      adhearsion (~> 2.0)
    adhearsion-loquacious (1.9.3)
    atomic (1.1.15)
    atomic (1.1.15-java)
    axiom-types (0.1.0)
      descendants_tracker (~> 0.0.3)
      ice_nine (~> 0.11.0)
      thread_safe (~> 0.1.3)
    blather (1.0.0)
      activesupport (>= 2.3.11)
      eventmachine (>= 1.0.0)
      girl_friday
      niceogiri (~> 1.0)
      nokogiri (~> 1.5, >= 1.5.6)
    celluloid (0.15.2)
      timers (~> 1.1.0)
    celluloid-io (0.15.0)
      celluloid (>= 0.15.0)
      nio4r (>= 0.5.0)
    coderay (1.1.0)
    coercible (1.0.0)
      descendants_tracker (~> 0.0.1)
    connection_pool (1.2.0)
    countdownlatch (1.0.0)
    deep_merge (1.0.1)
    descendants_tracker (0.0.3)
    equalizer (0.0.9)
    eventmachine (1.0.3)
    eventmachine (1.0.3-java)
    ffi (1.9.3)
    ffi (1.9.3-java)
    future-resource (1.1.0)
    girl_friday (0.11.2)
      connection_pool (~> 1.0)
      rubinius-actor
    has-guarded-handlers (1.6.0)
    i18n (0.6.9)
    ice_nine (0.11.0)
    little-plugger (1.1.3)
    logging (1.8.2)
      little-plugger (>= 1.1.3)
      multi_json (>= 1.8.4)
    method_source (0.8.2)
    mini_portile2 (2.8.0)
    minitest (4.7.5)
    multi_json (1.9.0)
    niceogiri (1.1.2)
      nokogiri (~> 1.5)
    nio4r (1.0.0)
    nio4r (1.0.0-java)
    nokogiri (1.13.4)
      mini_portile2 (~> 2.8.0)
      racc (~> 1.4)
    nokogiri (1.13.4-java)
      racc (~> 1.4)
    pry (0.9.12.6)
      coderay (~> 1.0)
      method_source (~> 0.8)
      slop (~> 3.4)
    pry (0.9.12.6-java)
      coderay (~> 1.0)
      method_source (~> 0.8)
      slop (~> 3.4)
      spoon (~> 0.0)
    punchblock (2.5.1)
      activesupport (>= 3.0.0, < 5.0.0)
      blather (~> 1.0)
      celluloid (~> 0.14)
      future-resource (~> 1.0)
      has-guarded-handlers (~> 1.5)
      nokogiri (~> 1.5, >= 1.5.6)
      ruby_ami (~> 2.2)
      ruby_fs (~> 1.1)
      ruby_jid (~> 1.0)
      ruby_speech (~> 2.3)
      state_machine (~> 1.0)
      virtus (~> 1.0)
    racc (1.6.0)
    racc (1.6.0-java)
    rake (10.1.1)
    rubinius-actor (0.0.2)
      rubinius-core-api
    rubinius-core-api (0.0.1)
    rubinius-core-api (0.0.1-java)
    ruby_ami (2.2.0)
      celluloid-io (~> 0.13)
    ruby_fs (1.1.1)
      celluloid-io (~> 0.13)
    ruby_jid (1.0.0)
    ruby_speech (2.3.1)
      activesupport (>= 3.0.7, < 5.0.0)
      nokogiri (~> 1.6)
    ruby_speech (2.3.1-java)
      activesupport (>= 3.0.7, < 5.0.0)
      nokogiri (~> 1.6)
    slop (3.5.0)
    spoon (0.0.4)
      ffi
    state_machine (1.2.0)
    thor (0.18.1)
    thread_safe (0.1.3)
      atomic
    thread_safe (0.1.3-java)
      atomic
    timers (1.1.0)
    tzinfo (0.3.39)
    virtus (1.0.2)
      axiom-types (~> 0.1)
      coercible (~> 1.0)
      descendants_tracker (~> 0.0.3)
      equalizer (~> 0.0.9)

PLATFORMS
  java
  ruby

DEPENDENCIES
  adhearsion
  adhearsion-asr
  adhearsion-asterisk
  punchblock (= 2.5.1)
